PATH
  remote: .
  specs:
    motion-spec (0.3.0)
      motion-require (>= 0.0.6)

GEM
  remote: https://rubygems.org/
  specs:
    motion-require (0.2.0)
    rake (10.4.2)

PLATFORMS
  ruby

DEPENDENCIES
  motion-spec!
  rake (~> 10.0)

BUNDLED WITH
   1.10.5
